GEM
  remote: http://rubygems.org/
  specs:
    oauth (0.4.7)
    rfuse (1.0.3)

PLATFORMS
  ruby

DEPENDENCIES
  oauth
  rfuse
